PATH
  remote: .
  specs:
    rubot (0.3.0)
      eventmachine
      nokogiri
      sequel
      sqlite3

GEM
  remote: http://rubygems.org/
  specs:
    diff-lcs (1.1.2)
    eventmachine (0.12.10)
    nokogiri (1.4.4)
    rspec (2.5.0)
      rspec-core (~> 2.5.0)
      rspec-expectations (~> 2.5.0)
      rspec-mocks (~> 2.5.0)
    rspec-core (2.5.1)
    rspec-expectations (2.5.0)
      diff-lcs (~> 1.1.2)
    rspec-mocks (2.5.0)
    sequel (3.22.0)
    sqlite3 (1.3.3)

PLATFORMS
  ruby

DEPENDENCIES
  rspec (~> 2.4)
  rubot!
